GEM
  remote: https://rubygems.org/
  specs:
    minitest (5.11.3)
    spellchecker (0.1.5)

PLATFORMS
  x64-mingw32

DEPENDENCIES
  minitest
  spellchecker

BUNDLED WITH
   2.0.1
